GEM
  remote: http://rubygems.org/
  specs:
    json (1.4.6)
    mime-types (1.16)
    oauth (0.4.4)
    twitter_oauth (0.4.3)
      json (>= 1.1.9)
      mime-types (>= 1.16)
      oauth (>= 0.4.1)

PLATFORMS
  ruby

DEPENDENCIES
  json
  oauth
  twitter_oauth
